GEM
  remote: https://rubygems.org/
  specs:
    dotenv (2.2.0)
    faraday (0.10.1)
      multipart-post (>= 1.2, < 3)
    highline (1.7.8)
    jwt (1.5.6)
    legato (0.7.0)
      multi_json
    multi_json (1.12.1)
    multi_xml (0.6.0)
    multipart-post (2.0.0)
    oauth2 (1.3.0)
      faraday (>= 0.8, < 0.11)
      jwt (~> 1.0)
      multi_json (~> 1.3)
      multi_xml (~> 0.5)
      rack (>= 1.2, < 3)
    rack (2.0.1)

PLATFORMS
  ruby

DEPENDENCIES
  dotenv
  highline
  legato
  oauth2

RUBY VERSION
   ruby 2.3.0p0

BUNDLED WITH
   1.14.4
